GEM
  remote: https://rubygems.org/
  specs:
    actionmailer (4.1.16)
      actionpack (= 4.1.16)
      actionview (= 4.1.16)
      mail (~> 2.5, >= 2.5.4)
    actionpack (4.1.16)
      actionview (= 4.1.16)
      activesupport (= 4.1.16)
      rack (~> 1.5.2)
      rack-test (~> 0.6.2)
    actionview (4.1.16)
      activesupport (= 4.1.16)
      builder (~> 3.1)
      erubis (~> 2.7.0)
    activemodel (4.1.16)
      activesupport (= 4.1.16)
      builder (~> 3.1)
    activerecord (4.1.16)
      activemodel (= 4.1.16)
      activesupport (= 4.1.16)
      arel (~> 5.0.0)
    activesupport (4.1.16)
      i18n (~> 0.6, >= 0.6.9)
      json (~> 1.7, >= 1.7.7)
      minitest (~> 5.1)
      thread_safe (~> 0.1)
      tzinfo (~> 1.1)
    addressable (2.5.2)
      public_suffix (>= 2.0.2, < 4.0)
    aggregate (0.2.2)
    arel (5.0.1.20140414130214)
    axiom-types (0.1.1)
      descendants_tracker (~> 0.0.4)
      ice_nine (~> 0.11.0)
      thread_safe (~> 0.3, >= 0.3.1)
    builder (3.2.3)
    capybara (2.17.0)
      addressable
      mini_mime (>= 0.1.3)
      nokogiri (>= 1.3.3)
      rack (>= 1.0.0)
      rack-test (>= 0.5.4)
      xpath (>= 2.0, < 4.0)
    cobot_client (0.6.1)
      json
      oauth2
      rest-client
      virtus
    coercible (1.0.0)
      descendants_tracker (~> 0.0.1)
    concurrent-ruby (1.0.5)
    crack (0.4.3)
      safe_yaml (~> 1.0.0)
    descendants_tracker (0.0.4)
      thread_safe (~> 0.3, >= 0.3.1)
    diff-lcs (1.3)
    domain_name (0.5.20170404)
      unf (>= 0.0.5, < 1.0.0)
    email_validator (1.3.0)
      activemodel
    equalizer (0.0.9)
    erubis (2.7.0)
    execjs (1.4.0)
      multi_json (~> 1.0)
    faraday (0.9.2)
      multipart-post (>= 1.2, < 3)
    ffi (1.9.18)
    hashdiff (0.3.7)
    hashie (3.4.0)
    http-cookie (1.0.3)
      domain_name (~> 0.5)
    httparty (0.13.7)
      json (~> 1.8)
      multi_xml (>= 0.5.2)
    i18n (0.9.3)
      concurrent-ruby (~> 1.0)
    ice_nine (0.11.1)
    jquery-rails (3.1.4)
      railties (>= 3.0, < 5.0)
      thor (>= 0.14, < 2.0)
    json (1.8.6)
    jwt (1.2.1)
    launchy (2.1.2)
      addressable (~> 2.3)
    librato-metrics (1.5.1)
      aggregate (~> 0.2.2)
      faraday (~> 0.7)
      multi_json
    liquid (3.0.6)
    lograge (0.3.5)
      actionpack (>= 3)
      activesupport (>= 3)
      railties (>= 3)
    mail (2.7.0)
      mini_mime (>= 0.1.1)
    mime-types (3.1)
      mime-types-data (~> 3.2015)
    mime-types-data (3.2016.0521)
    mini_mime (1.0.0)
    mini_portile2 (2.3.0)
    minitest (5.11.3)
    multi_json (1.13.1)
    multi_xml (0.5.5)
    multipart-post (2.0.0)
    netrc (0.11.0)
    nokogiri (1.8.2)
      mini_portile2 (~> 2.3.0)
    oauth2 (1.0.0)
      faraday (>= 0.8, < 0.10)
      jwt (~> 1.0)
      multi_json (~> 1.3)
      multi_xml (~> 0.5)
      rack (~> 1.2)
    omniauth (1.2.2)
      hashie (>= 1.2, < 4)
      rack (~> 1.0)
    omniauth-oauth2 (1.2.0)
      faraday (>= 0.8, < 0.10)
      multi_json (~> 1.3)
      oauth2 (~> 1.0)
      omniauth (~> 1.2)
    omniauth_cobot (0.0.3)
      omniauth-oauth2
    pg (0.18.4)
    power_assert (0.2.2)
    public_suffix (3.0.1)
    puma (2.15.3)
    rack (1.5.5)
    rack-test (0.6.3)
      rack (>= 1.0)
    rails (4.1.16)
      actionmailer (= 4.1.16)
      actionpack (= 4.1.16)
      actionview (= 4.1.16)
      activemodel (= 4.1.16)
      activerecord (= 4.1.16)
      activesupport (= 4.1.16)
      bundler (>= 1.3.0, < 2.0)
      railties (= 4.1.16)
      sprockets-rails (~> 2.0)
    rails_12factor (0.0.3)
      rails_serve_static_assets
      rails_stdout_logging
    rails_serve_static_assets (0.0.4)
    rails_stdout_logging (0.0.4)
    railties (4.1.16)
      actionpack (= 4.1.16)
      activesupport (= 4.1.16)
      rake (>= 0.8.7)
      thor (>= 0.18.1, < 2.0)
    rake (12.3.0)
    rb-fsevent (0.10.2)
    rb-inotify (0.9.10)
      ffi (>= 0.5.0, < 2)
    rest-client (2.0.2)
      http-cookie (>= 1.0.2, < 2.0)
      mime-types (>= 1.16, < 4.0)
      netrc (~> 0.8)
    rspec-core (3.7.1)
      rspec-support (~> 3.7.0)
    rspec-expectations (3.7.0)
      diff-lcs (>= 1.2.0, < 2.0)
      rspec-support (~> 3.7.0)
    rspec-mocks (3.7.0)
      diff-lcs (>= 1.2.0, < 2.0)
      rspec-support (~> 3.7.0)
    rspec-rails (3.7.2)
      actionpack (>= 3.0)
      activesupport (>= 3.0)
      railties (>= 3.0)
      rspec-core (~> 3.7.0)
      rspec-expectations (~> 3.7.0)
      rspec-mocks (~> 3.7.0)
      rspec-support (~> 3.7.0)
    rspec-support (3.7.1)
    safe_yaml (1.0.4)
    sass (3.5.5)
      sass-listen (~> 4.0.0)
    sass-listen (4.0.0)
      rb-fsevent (~> 0.9, >= 0.9.4)
      rb-inotify (~> 0.9, >= 0.9.7)
    sass-rails (5.0.7)
      railties (>= 4.0.0, < 6)
      sass (~> 3.1)
      sprockets (>= 2.8, < 4.0)
      sprockets-rails (>= 2.0, < 4.0)
      tilt (>= 1.1, < 3)
    sentry-raven (0.15.3)
      faraday (>= 0.7.6)
    simple_form (3.5.0)
      actionpack (> 4, < 5.2)
      activemodel (> 4, < 5.2)
    simple_postmark (0.7.0)
      actionmailer (>= 3.0, < 4.2.0)
      activesupport (>= 3.0, < 4.2.0)
      httparty
      json
      mail
    sprockets (3.7.1)
      concurrent-ruby (~> 1.0)
      rack (> 1, < 3)
    sprockets-rails (2.3.3)
      actionpack (>= 3.0)
      activesupport (>= 3.0)
      sprockets (>= 2.8, < 4.0)
    test-unit (3.0.8)
      power_assert
    thor (0.20.0)
    thread_safe (0.3.6)
    tilt (2.0.8)
    timecop (0.3.5)
    tzinfo (1.2.4)
      thread_safe (~> 0.1)
    uglifier (1.3.0)
      execjs (>= 0.3.0)
      multi_json (~> 1.0, >= 1.0.2)
    unf (0.1.4)
      unf_ext
    unf_ext (0.0.7.4)
    virtus (1.0.4)
      axiom-types (~> 0.1)
      coercible (~> 1.0)
      descendants_tracker (~> 0.0, >= 0.0.3)
      equalizer (~> 0.0, >= 0.0.9)
    webmock (3.3.0)
      addressable (>= 2.3.6)
      crack (>= 0.3.2)
      hashdiff
    xpath (3.0.0)
      nokogiri (~> 1.8)

PLATFORMS
  ruby

DEPENDENCIES
  capybara
  cobot_client
  email_validator
  jquery-rails
  launchy
  librato-metrics
  liquid
  lograge
  oauth2
  omniauth
  omniauth-oauth2
  omniauth_cobot (~> 0.0.3)
  pg
  puma
  rails (~> 4.1)
  rails_12factor
  rspec-rails
  sass-rails
  sentry-raven
  simple_form
  simple_postmark
  test-unit
  timecop
  uglifier (>= 1.0.3)
  virtus
  webmock

RUBY VERSION
   ruby 2.2.2p95

BUNDLED WITH
   1.14.6
